PATH
  remote: .
  specs:
    motion-alert (0.1.1)

GEM
  remote: https://rubygems.org/
  specs:
    motion-stump (0.3.2)
    rake (10.4.2)

PLATFORMS
  ruby

DEPENDENCIES
  motion-alert!
  motion-stump (~> 0.3)
  rake
